GEM
  remote: https://rubygems.org/
  specs:
    rb-readline (0.5.1)

PLATFORMS
  ruby

DEPENDENCIES
  rb-readline (= 0.5.1)
